GEM
  remote: http://rubygems.org/
  specs:
    chunky_png (1.2.5)
    coffee-script (2.2.0)
      coffee-script-source
      execjs
    coffee-script-source (1.3.3)
    compass (0.12.1)
      chunky_png (~> 1.2)
      fssm (>= 0.2.7)
      sass (~> 3.1)
    execjs (1.4.0)
      multi_json (~> 1.0)
    fssm (0.2.9)
    libv8 (3.3.10.4)
    multi_json (1.1.0)
    sass (3.1.19)
    therubyracer (0.10.1)
      libv8 (~> 3.3.10)

PLATFORMS
  ruby

DEPENDENCIES
  coffee-script
  compass
  therubyracer
